GEM
  remote: https://rubygems.org/
  specs:
    pg (1.1.4)
    sequel (5.22.0)
    workflow (2.0.2)

PLATFORMS
  ruby

DEPENDENCIES
  pg
  sequel
  workflow

BUNDLED WITH
   2.0.2
